PATH
  remote: .
  specs:
    vuln-chaser (0.1.0)
      method_source (~> 1.0)

GEM
  remote: https://rubygems.org/
  specs:
    diff-lcs (1.5.1)
    method_source (1.1.0)
    rake (13.2.1)
    rspec (3.13.0)
      rspec-core (~> 3.13.0)
      rspec-expectations (~> 3.13.0)
      rspec-mocks (~> 3.13.0)
    rspec-core (3.13.2)
      rspec-support (~> 3.13.0)
    rspec-expectations (3.13.3)
      diff-lcs (>= 1.2.0, < 2.0)
      rspec-support (~> 3.13.0)
    rspec-mocks (3.13.2)
      diff-lcs (>= 1.2.0, < 2.0)
      rspec-support (~> 3.13.0)
    rspec-support (3.13.2)

PLATFORMS
  arm64-darwin-24
  ruby

DEPENDENCIES
  bundler (~> 2.6)
  rake (~> 13.0)
  rspec (~> 3.0)
  vuln-chaser!

BUNDLED WITH
   2.6.2
